GEM
  remote: https://rubygems.org/
  specs:
    haml (4.0.4)
      tilt
    hashie (2.0.5)
    mime-types (1.23)
    omniauth (1.1.4)
      hashie (>= 1.2, < 3)
      rack
    rack (1.4.5)
    rack-protection (1.5.1)
      rack
    rest-client (1.6.7)
      mime-types (>= 1.16)
    sinatra (1.4.4)
      rack (~> 1.4)
      rack-protection (~> 1.4)
      tilt (~> 1.3, >= 1.3.4)
    tilt (1.4.1)

PLATFORMS
  ruby

DEPENDENCIES
  haml
  omniauth
  rest-client
  sinatra
